RESTRICTION: == net461
NUGET
  remote: https://www.nuget.org/api/v2
    FAKE (5.0)
    FluentAssertions (5.4)
      System.ValueTuple (>= 4.4)
    FSharp.Management (0.4.5)
    IKVM (8.1.5717)
    NUnit (2.6.6)
    NUnit.Runners (2.6.6)
    System.ValueTuple (4.5)
HTTP
  remote: http://www.frijters.net
    ikvmbin-8.1.5717.0.zip (/ikvmbin-8.1.5717.0.zip)
  remote: http://www-us.apache.org
    tika-app-1.18.jar (/dist/tika/tika-app-1.18.jar)